GEM
  remote: https://rubygems.org/
  specs:
    ai4r (1.13)
    coderay (1.1.0)
    faraday (0.9.0)
      multipart-post (>= 1.2, < 3)
    hierclust (0.1.5)
    linalg (1.0.2)
    method_source (0.8.2)
    multipart-post (2.0.0)
    mysql2 (0.3.15)
    pg (0.17.1)
    pry (0.9.12.6)
      coderay (~> 1.0)
      method_source (~> 0.8)
      slop (~> 3.4)
    sequel (4.8.0)
    sexmachine (0.0.6)
      unicode_utils (>= 1.3.0)
    slop (3.4.7)
    sqlite3 (1.3.9)
    unicode_utils (1.4.0)

PLATFORMS
  ruby

DEPENDENCIES
  ai4r
  faraday
  hierclust
  linalg
  mysql2
  pg
  pry
  sequel
  sexmachine
  sqlite3
