GIT
  remote: git://github.com/parallel588/linalg.git
  revision: d279fbea8f13db3a2128dcd62ca8216cbc138169
  specs:
    linalg (1.0.3)

GEM
  remote: https://rubygems.org/
  specs:
    ai4r (1.13)
    coderay (1.1.0)
    faraday (0.9.0)
      multipart-post (>= 1.2, < 3)
    method_source (0.8.2)
    multipart-post (2.0.0)
    pry (0.9.12.6)
      coderay (~> 1.0)
      method_source (~> 0.8)
      slop (~> 3.4)
    sequel (4.9.0)
    sexmachine (0.0.6)
      unicode_utils (>= 1.3.0)
    slop (3.5.0)
    sqlite3 (1.3.9)
    unicode_utils (1.4.0)

PLATFORMS
  ruby

DEPENDENCIES
  ai4r
  faraday
  linalg!
  pry
  sequel
  sexmachine
  sqlite3
